GEM
  remote: https://rubygems.org/
  specs:
    geocoder (1.6.1)
    httparty (0.16.2)
      multi_xml (>= 0.5.2)
    json (1.8.6)
    multi_xml (0.6.0)
    rack (1.6.10)
    rack-protection (1.5.3)
      rack
    sinatra (1.4.5)
      rack (~> 1.4)
      rack-protection (~> 1.4)
      tilt (~> 1.3, >= 1.3.4)
    tilt (1.4.1)

PLATFORMS
  ruby

DEPENDENCIES
  geocoder
  httparty
  json
  sinatra

BUNDLED WITH
   1.16.1
